GIT
  remote: https://339de3a38d1cf30ca405bdc7faddc135dfefe1f6:x-oauth-basic@github.com/jonstokes/bellbro.git
  revision: 7b3c6b6deb57ba94adc26740cca9bb5e8888fd51
  specs:
    bellbro (0.3.0)
      activesupport
      airbrake
      redis
      retryable
      sidekiq

GIT
  remote: https://339de3a38d1cf30ca405bdc7faddc135dfefe1f6:x-oauth-basic@github.com/jonstokes/iron_base.git
  revision: e75f3a4b186b88675fc81dd675d05a89c69078f7
  specs:
    iron_base (0.0.3)
      activesupport
      connection_pool
      elasticsearch
      geocoder
      hashie
      interactor
      redis
      retryable
      typhoeus

GIT
  remote: https://339de3a38d1cf30ca405bdc7faddc135dfefe1f6:x-oauth-basic@github.com/jonstokes/iron_core.git
  revision: 89e18c381e2c34a4106ba4975a73df2cc0272d45
  specs:
    iron_core (0.2.0)
      activesupport
      interactor

GIT
  remote: https://339de3a38d1cf30ca405bdc7faddc135dfefe1f6:x-oauth-basic@github.com/jonstokes/pool_boy.git
  revision: fdb21f2dbc749d9ce7a8d82bcdaad20e9eab2d82
  specs:
    pool_boy (0.0.1)
      activesupport
      connection_pool
      figaro
      redis
      retryable
      thread_safe

GIT
  remote: https://339de3a38d1cf30ca405bdc7faddc135dfefe1f6:x-oauth-basic@github.com/jonstokes/redis_objects.git
  revision: d9b60516f1d58f6417d912d885c1fb81915e8d22
  specs:
    redis_objects (0.0.1)
      redis

GIT
  remote: https://339de3a38d1cf30ca405bdc7faddc135dfefe1f6:x-oauth-basic@github.com/jonstokes/shout.git
  revision: 64e4d8b4e4d4a91e524eb5baa6ae3c25132afb83
  specs:
    shout (0.0.1)

GIT
  remote: https://339de3a38d1cf30ca405bdc7faddc135dfefe1f6:x-oauth-basic@github.com/jonstokes/site_library.git
  revision: cbfd290fd9dba584af31c46b36e94d4ee4d7cdc8
  specs:
    site_library (0.0.1)
      figaro
      interactor

GIT
  remote: https://339de3a38d1cf30ca405bdc7faddc135dfefe1f6:x-oauth-basic@github.com/jonstokes/stretched-rb.git
  revision: 6b4ea7f708f7ac2e11774fa5e2933014452b7ff3
  specs:
    stretched (0.3.1)
      activesupport
      nokogiri
      redis
      stringex
      tokenizer

GIT
  remote: https://339de3a38d1cf30ca405bdc7faddc135dfefe1f6:x-oauth-basic@github.com/jonstokes/sunbro.git
  revision: 74e73d4bf19c28099e0039898a192c11f7f81c66
  specs:
    sunbro (0.1.2)
      activesupport
      capybara
      nokogiri
      poltergeist
      rest-client
      retryable

GEM
  remote: http://rubygems.org/
  remote: https://7efe68ea:9c90e496@gems.contribsys.com/
  specs:
    actionmailer (4.2.0)
      actionpack (= 4.2.0)
      actionview (= 4.2.0)
      activejob (= 4.2.0)
      mail (~> 2.5, >= 2.5.4)
      rails-dom-testing (~> 1.0, >= 1.0.5)
    actionpack (4.2.0)
      actionview (= 4.2.0)
      activesupport (= 4.2.0)
      rack (~> 1.6.0)
      rack-test (~> 0.6.2)
      rails-dom-testing (~> 1.0, >= 1.0.5)
      rails-html-sanitizer (~> 1.0, >= 1.0.1)
    actionview (4.2.0)
      activesupport (= 4.2.0)
      builder (~> 3.1)
      erubis (~> 2.7.0)
      rails-dom-testing (~> 1.0, >= 1.0.5)
      rails-html-sanitizer (~> 1.0, >= 1.0.1)
    activejob (4.2.0)
      activesupport (= 4.2.0)
      globalid (>= 0.3.0)
    activemodel (4.2.0)
      activesupport (= 4.2.0)
      builder (~> 3.1)
    activerecord (4.2.0)
      activemodel (= 4.2.0)
      activesupport (= 4.2.0)
      arel (~> 6.0)
    activerecord-jdbc-adapter (1.3.10)
      activerecord (>= 2.2)
    activerecord-jdbcpostgresql-adapter (1.3.10)
      activerecord-jdbc-adapter (~> 1.3.10)
      jdbc-postgres (>= 9.1)
    activesupport (4.2.0)
      i18n (~> 0.7)
      json (~> 1.7, >= 1.7.7)
      minitest (~> 5.1)
      thread_safe (~> 0.3, >= 0.3.4)
      tzinfo (~> 1.1)
    addressable (2.3.6)
    airbrake (4.1.0)
      builder
      multi_json
    american_date (1.1.0)
    annotate (2.6.5)
      activerecord (>= 2.3.0)
      rake (>= 0.8.7)
    arel (6.0.0)
    awesome_print (1.6.1)
    aws-sdk (1.61.0)
      aws-sdk-v1 (= 1.61.0)
    aws-sdk-v1 (1.61.0)
      json (~> 1.4)
      nokogiri (>= 1.4.4)
    builder (3.2.2)
    capybara (2.4.4)
      mime-types (>= 1.16)
      nokogiri (>= 1.3.3)
      rack (>= 1.0.0)
      rack-test (>= 0.5.4)
      xpath (~> 2.0)
    celluloid (0.16.0)
      timers (~> 4.0.0)
    cliver (0.3.2)
    connection_pool (2.2.0)
    crack (0.4.2)
      safe_yaml (~> 1.0.0)
    cucumber (1.3.18)
      builder (>= 2.1.2)
      diff-lcs (>= 1.1.3)
      gherkin (~> 2.12)
      multi_json (>= 1.7.5, < 2.0)
      multi_test (>= 0.1.1)
    cucumber-rails (1.4.2)
      capybara (>= 1.1.2, < 3)
      cucumber (>= 1.3.8, < 2)
      mime-types (>= 1.16, < 3)
      nokogiri (~> 1.5)
      rails (>= 3, < 5)
    database_cleaner (1.4.0)
    diff-lcs (1.2.5)
    domain_name (0.5.24)
      unf (>= 0.0.5, < 1.0.0)
    elasticsearch (1.0.8)
      elasticsearch-api (= 1.0.7)
      elasticsearch-transport (= 1.0.7)
    elasticsearch-api (1.0.7)
      multi_json
    elasticsearch-rails (0.1.6)
    elasticsearch-transport (1.0.7)
      faraday
      multi_json
    erubis (2.7.0)
    ethon (0.7.3)
      ffi (>= 1.3.0)
    execjs (2.2.2)
    factory_girl (4.5.0)
      activesupport (>= 3.0.0)
    factory_girl_rails (4.5.0)
      factory_girl (~> 4.5.0)
      railties (>= 3.0.0)
    faraday (0.9.1)
      multipart-post (>= 1.2, < 3)
    ffaker (1.31.0)
    ffi (1.9.8-java)
    figaro (1.1.1)
      thor (~> 0.14)
    geocoder (1.2.8)
    gherkin (2.12.2-java)
      multi_json (~> 1.3)
    globalid (0.3.0)
      activesupport (>= 4.1.0)
    hashie (3.4.1)
    hike (1.2.3)
    hitimes (1.2.2-java)
    http-cookie (1.0.2)
      domain_name (~> 0.5)
    i18n (0.7.0)
    image_voodoo (0.8.7)
    interactor (3.1.0)
    jdbc-postgres (9.3.1102)
    jruby-openssl (0.9.6-java)
    json (1.8.2-java)
    launchy (2.4.3-java)
      addressable (~> 2.3)
      spoon (~> 0.0.1)
    loofah (2.0.1)
      nokogiri (>= 1.5.9)
    mail (2.6.3)
      mime-types (>= 1.16, < 3)
    mime-types (2.5)
    minitest (5.6.1)
    mocktra (1.0.2)
      sinatra (~> 1.3)
      webmock (~> 1.8)
    multi_json (1.11.0)
    multi_test (0.1.1)
    multipart-post (2.0.0)
    net-http-persistent (2.9.4)
    netrc (0.10.3)
    nokogiri (1.6.6.2-java)
    poltergeist (1.6.0)
      capybara (~> 2.1)
      cliver (~> 0.3.1)
      multi_json (~> 1.0)
      websocket-driver (>= 0.2.0)
    protected_attributes (1.0.8)
      activemodel (>= 4.0.1, < 5.0)
    rack (1.6.1)
    rack-protection (1.5.3)
      rack
    rack-test (0.6.3)
      rack (>= 1.0)
    rails (4.2.0)
      actionmailer (= 4.2.0)
      actionpack (= 4.2.0)
      actionview (= 4.2.0)
      activejob (= 4.2.0)
      activemodel (= 4.2.0)
      activerecord (= 4.2.0)
      activesupport (= 4.2.0)
      bundler (>= 1.3.0, < 2.0)
      railties (= 4.2.0)
      sprockets-rails
    rails-deprecated_sanitizer (1.0.3)
      activesupport (>= 4.2.0.alpha)
    rails-dom-testing (1.0.5)
      activesupport (>= 4.2.0.beta, < 5.0)
      nokogiri (~> 1.6.0)
      rails-deprecated_sanitizer (>= 1.0.1)
    rails-html-sanitizer (1.0.1)
      loofah (~> 2.0)
    railties (4.2.0)
      actionpack (= 4.2.0)
      activesupport (= 4.2.0)
      rake (>= 0.8.7)
      thor (>= 0.18.1, < 2.0)
    rake (10.4.2)
    rdoc (4.2.0)
      json (~> 1.4)
    redis (3.2.1)
    redis-namespace (1.5.2)
      redis (~> 3.0, >= 3.0.4)
    rest-client (1.8.0)
      http-cookie (>= 1.0.2, < 2.0)
      mime-types (>= 1.16, < 3.0)
      netrc (~> 0.7)
    retryable (2.0.1)
    robotex (1.0.0)
    rspec-core (3.2.0)
      rspec-support (~> 3.2.0)
    rspec-expectations (3.2.0)
      diff-lcs (>= 1.2.0, < 2.0)
      rspec-support (~> 3.2.0)
    rspec-mocks (3.2.0)
      diff-lcs (>= 1.2.0, < 2.0)
      rspec-support (~> 3.2.0)
    rspec-rails (3.2.0)
      actionpack (>= 3.0, <= 4.2)
      activesupport (>= 3.0, <= 4.2)
      railties (>= 3.0, <= 4.2)
      rspec-core (~> 3.2.0)
      rspec-expectations (~> 3.2.0)
      rspec-mocks (~> 3.2.0)
      rspec-support (~> 3.2.0)
    rspec-support (3.2.0)
    safe_yaml (1.0.4)
    sidekiq (3.3.4)
      celluloid (>= 0.16.0)
      connection_pool (>= 2.1.1)
      json
      redis (>= 3.0.6)
      redis-namespace (>= 1.3.1)
    sidekiq-pro (2.0.1)
      sidekiq (>= 3.3.2)
    sinatra (1.4.5)
      rack (~> 1.4)
      rack-protection (~> 1.4)
      tilt (~> 1.3, >= 1.3.4)
    spoon (0.0.4)
      ffi
    spork (0.9.2)
    sprockets (2.12.3)
      hike (~> 1.2)
      multi_json (~> 1.0)
      rack (~> 1.0)
      tilt (~> 1.1, != 1.3.0)
    sprockets-rails (2.2.4)
      actionpack (>= 3.0)
      activesupport (>= 3.0)
      sprockets (>= 2.8, < 4.0)
    stringex (2.5.2)
    syslogger (1.6.0)
    therubyrhino (2.0.4)
      therubyrhino_jar (>= 1.7.3)
    therubyrhino_jar (1.7.4)
    thor (0.19.1)
    thread_safe (0.3.5-java)
    tilt (1.4.1)
    timers (4.0.1)
      hitimes
    tokenizer (0.1.1)
    typhoeus (0.7.1)
      ethon (>= 0.7.1)
    tzinfo (1.2.2)
      thread_safe (~> 0.1)
    unf (0.1.4-java)
    webmock (1.20.4)
      addressable (>= 2.3.6)
      crack (>= 0.3.2)
    websocket-driver (0.5.4-java)
      websocket-extensions (>= 0.1.0)
    websocket-extensions (0.1.2)
    xpath (2.0.0)
      nokogiri (~> 1.3)

PLATFORMS
  java

DEPENDENCIES
  activerecord-jdbc-adapter (= 1.3.10)
  activerecord-jdbcpostgresql-adapter (= 1.3.10)
  airbrake
  american_date
  annotate
  awesome_print
  aws-sdk
  bellbro!
  capybara
  connection_pool
  cucumber-rails
  database_cleaner
  elasticsearch
  elasticsearch-rails
  execjs
  factory_girl_rails
  ffaker
  figaro
  geocoder
  hashie
  image_voodoo
  interactor (= 3.1.0)
  iron_base!
  iron_core!
  jdbc-postgres
  jruby-openssl
  launchy
  mocktra
  net-http-persistent
  nokogiri
  poltergeist
  pool_boy!
  protected_attributes
  rails (= 4.2.0)
  rake
  rdoc
  redis
  redis_objects!
  retryable
  robotex
  rspec-mocks
  rspec-rails
  shout!
  sidekiq
  sidekiq-pro
  site_library!
  spork
  stretched!
  stringex
  sunbro!
  syslogger (~> 1.6.0)
  therubyrhino
  thread_safe
  tokenizer
